PATH
  remote: ../hammer-cli-foreman
  specs:
    hammer_cli_foreman (2.2.0.pre.develop)
      apipie-bindings (>= 0.3.0)
      hammer_cli (>= 2.1.0)
      jwt (>= 2.2.1)
      rest-client (>= 1.8.0, < 3.0.0)

PATH
  remote: ../hammer-cli
  specs:
    hammer_cli (2.2.0.pre.develop)
      amazing_print
      apipie-bindings (>= 0.2.0)
      clamp (>= 1.1, < 1.2.0)
      fast_gettext
      highline
      locale (>= 2.0.6)
      logging
      unicode
      unicode-display_width

PATH
  remote: .
  specs:
    hammer_cli_foreman_statistics (0.0.1)

GEM
  remote: https://rubygems.org/
  specs:
    amazing_print (1.2.1)
    apipie-bindings (0.4.0)
      json (>= 1.2.1)
      oauth
      rest-client (>= 1.6.5, < 3.0.0)
    binding_of_caller (0.8.0)
      debug_inspector (>= 0.0.1)
    builder (3.2.4)
    byebug (11.1.3)
    ci_reporter (1.9.3)
      builder (>= 2.1.2)
    clamp (1.1.2)
    coderay (1.1.3)
    debug_inspector (0.0.3)
    docile (1.3.2)
    domain_name (0.5.20190701)
      unf (>= 0.0.5, < 1.0.0)
    fast_gettext (2.0.3)
    highline (2.0.3)
    http-accept (1.7.0)
    http-cookie (1.0.3)
      domain_name (~> 0.5)
    interception (0.5)
    json (2.3.0)
    jwt (2.2.1)
    little-plugger (1.1.4)
    locale (2.1.3)
    logging (2.2.2)
      little-plugger (~> 1.1)
      multi_json (~> 1.10)
    method_source (1.0.0)
    mime-types (3.3.1)
      mime-types-data (~> 3.2015)
    mime-types-data (3.2020.0512)
    minitest (5.14.1)
    minitest-spec-context (0.0.4)
    mocha (1.11.2)
    multi_json (1.14.1)
    netrc (0.11.0)
    oauth (0.5.4)
    pry (0.13.1)
      coderay (~> 1.1)
      method_source (~> 1.0)
    pry-byebug (3.9.0)
      byebug (~> 11.0)
      pry (~> 0.13.0)
    pry-doc (1.1.0)
      pry (~> 0.11)
      yard (~> 0.9.11)
    pry-rails (0.3.9)
      pry (>= 0.10.4)
    pry-rescue (1.5.1)
      interception (>= 0.5)
      pry (>= 0.12.0)
    pry-stack_explorer (0.4.11)
      binding_of_caller (~> 0.7)
      pry (~> 0.13)
    rake (10.1.1)
    rest-client (2.1.0)
      http-accept (>= 1.7.0, < 2.0)
      http-cookie (>= 1.0.2, < 2.0)
      mime-types (>= 1.16, < 4.0)
      netrc (~> 0.8)
    simplecov (0.18.5)
      docile (~> 1.1)
      simplecov-html (~> 0.11)
    simplecov-html (0.12.2)
    unf (0.1.4)
      unf_ext
    unf_ext (0.0.7.7)
    unicode (0.4.4.4)
    unicode-display_width (1.7.0)
    yard (0.9.25)

PLATFORMS
  ruby

DEPENDENCIES
  ci_reporter (>= 1.6.3, < 2.0.0)
  hammer_cli!
  hammer_cli_foreman!
  hammer_cli_foreman_statistics!
  minitest
  minitest-spec-context
  mocha
  pry-byebug
  pry-doc
  pry-rails
  pry-rescue
  pry-stack_explorer
  rake (~> 10.1.0)
  simplecov

BUNDLED WITH
   2.1.4
